PATH
  remote: .
  specs:
    ruboty-fastly (0.1.1)
      fastly
      ruboty

GEM
  remote: https://rubygems.org/
  specs:
    activesupport (5.1.4)
      concurrent-ruby (~> 1.0, >= 1.0.2)
      i18n (~> 0.7)
      minitest (~> 5.1)
      tzinfo (~> 1.1)
    concurrent-ruby (1.0.5)
    dotenv (2.2.1)
    fastly (1.13.1)
    i18n (0.9.1)
      concurrent-ruby (~> 1.0)
    mem (0.1.5)
    minitest (5.10.3)
    rake (12.3.0)
    ruboty (1.3.0)
      activesupport
      bundler
      dotenv
      mem
      slop
    slop (4.6.1)
    thread_safe (0.3.6)
    tzinfo (1.2.4)
      thread_safe (~> 0.1)

PLATFORMS
  ruby

DEPENDENCIES
  bundler
  rake
  ruboty-fastly!

BUNDLED WITH
   1.16.0
